GEM
  remote: https://rubygems.org/
  specs:
    addressable (2.2.8)
    bcrypt-ruby (3.0.1)
    daemons (1.1.9)
    data_objects (0.10.10)
      addressable (~> 2.1)
    datamapper (1.2.0)
      dm-aggregates (~> 1.2.0)
      dm-constraints (~> 1.2.0)
      dm-core (~> 1.2.0)
      dm-migrations (~> 1.2.0)
      dm-serializer (~> 1.2.0)
      dm-timestamps (~> 1.2.0)
      dm-transactions (~> 1.2.0)
      dm-types (~> 1.2.0)
      dm-validations (~> 1.2.0)
    dm-aggregates (1.2.0)
      dm-core (~> 1.2.0)
    dm-constraints (1.2.0)
      dm-core (~> 1.2.0)
    dm-core (1.2.0)
      addressable (~> 2.2.6)
    dm-do-adapter (1.2.0)
      data_objects (~> 0.10.6)
      dm-core (~> 1.2.0)
    dm-migrations (1.2.0)
      dm-core (~> 1.2.0)
    dm-serializer (1.2.2)
      dm-core (~> 1.2.0)
      fastercsv (~> 1.5)
      json (~> 1.6)
      json_pure (~> 1.6)
      multi_json (~> 1.0)
    dm-sqlite-adapter (1.2.0)
      dm-do-adapter (~> 1.2.0)
      do_sqlite3 (~> 0.10.6)
    dm-timestamps (1.2.0)
      dm-core (~> 1.2.0)
    dm-transactions (1.2.0)
      dm-core (~> 1.2.0)
    dm-types (1.2.2)
      bcrypt-ruby (~> 3.0)
      dm-core (~> 1.2.0)
      fastercsv (~> 1.5)
      json (~> 1.6)
      multi_json (~> 1.0)
      stringex (~> 1.4)
      uuidtools (~> 2.1)
    dm-validations (1.2.0)
      dm-core (~> 1.2.0)
    do_sqlite3 (0.10.10)
      data_objects (= 0.10.10)
    eventmachine (1.0.0)
    fastercsv (1.5.5)
    json (1.7.5)
    json_pure (1.7.5)
    kramdown (0.14.0)
    mime-types (1.19)
    multi_json (1.3.6)
    nokogiri (1.5.5)
    rack (1.4.1)
    rack-cache (1.2)
      rack (>= 0.4)
    rack-contrib (1.1.0)
      rack (>= 0.9.1)
    rmagick (2.13.1)
    sanitize (2.0.3)
      nokogiri (>= 1.4.4, < 1.6)
    stringex (1.4.0)
    thin (1.5.0)
      daemons (>= 1.0.9)
      eventmachine (>= 0.12.6)
      rack (>= 1.0.0)
    trenni (1.2.0)
    utopia (0.11.0)
      mime-types
      rack (~> 1.4.1)
      rack-cache
      rack-contrib
      trenni (~> 1.2.0)
    utopia-extras (0.11.0)
      rmagick
      utopia (~> 0.11.0)
    uuidtools (2.1.3)

PLATFORMS
  ruby

DEPENDENCIES
  datamapper
  dm-sqlite-adapter
  kramdown
  rack
  sanitize
  thin
  utopia (= 0.11.0)
  utopia-extras (= 0.11.0)
