GEM
  remote: https://rubygems.org/
  specs:
    closure-compiler (1.1.13)
    rake (12.0.0)

PLATFORMS
  ruby

DEPENDENCIES
  closure-compiler
  rake

BUNDLED WITH
   1.15.3
